GEM
  remote: http://rubygems.org/
  specs:
    activesupport (3.0.0)
    i18n (0.4.1)
    mail (2.2.5)
      activesupport (>= 2.3.6)
      mime-types
      treetop (>= 1.4.5)
    mime-types (1.16)
    polyglot (0.3.1)
    pony (1.0.1)
      mail (> 2.0)
    rack (1.2.1)
    sinatra (1.0)
      rack (>= 1.0)
    treetop (1.4.8)
      polyglot (>= 0.3.1)

PLATFORMS
  ruby

DEPENDENCIES
  i18n
  pony
  sinatra
